GEM
  remote: https://rubygems.org/
  specs:
    mini_portile2 (2.3.0)
    nokogiri (1.8.5)
      mini_portile2 (~> 2.3.0)
    stemmify (0.0.2)

PLATFORMS
  ruby

DEPENDENCIES
  nokogiri!
  stemmify!

BUNDLED WITH
   1.16.5
